GEM
  remote: http://rubygems.org/
  specs:
    diff-lcs (1.1.3)
    extlib (0.9.16)
    highline (1.6.2)
    json_pure (1.6.0)
    templater (1.0.0)
      diff-lcs (>= 1.1.2)
      extlib (>= 0.9.5)
      highline (>= 1.4.0)

PLATFORMS
  ruby

DEPENDENCIES
  json_pure
  templater (>= 0.3.2)
